GEM
  remote: https://rubygems.org/
  specs:
    facter (1.7.3)
    hiera (1.2.1)
      json_pure
    json (1.8.1)
    json_pure (1.8.1)
    librarian-puppet (0.9.10)
      json
      thor (~> 0.15)
    puppet (3.3.1)
      facter (~> 1.6)
      hiera (~> 1.0)
      rgen (~> 0.6.5)
    rgen (0.6.6)
    thor (0.18.1)

PLATFORMS
  ruby

DEPENDENCIES
  bundler
  librarian-puppet
  puppet (= 3.3.1)
